GEM
  remote: https://rubygems.org/
  specs:
    chunky_png (1.2.5)
    compass (0.12.1)
      chunky_png (~> 1.2)
      fssm (>= 0.2.7)
      sass (~> 3.1)
    cuba (3.1.0)
      rack
    faraday (0.8.1)
      multipart-post (~> 1.1)
    fssm (0.2.9)
    haml (3.1.6)
    hiredis (0.4.5)
    multi_json (1.3.6)
    multipart-post (1.1.5)
    rack (1.4.1)
    redcarpet (3.5.1)
    redis (3.0.1)
    rubberband (0.9.3)
      faraday (~> 0.8.0)
      multi_json
    sass (3.1.20)
    tilt (1.3.3)

PLATFORMS
  ruby

DEPENDENCIES
  compass (= 0.12.1)
  cuba
  haml
  hiredis
  redcarpet
  redis
  rubberband
  sass
  tilt
