GEM
  remote: https://rubygems.org/
  specs:
    chunky_png (1.2.5)
    compass (0.12.1)
      chunky_png (~> 1.2)
      fssm (>= 0.2.7)
      sass (~> 3.1)
    cuba (3.1.0)
      rack
    daemons (1.1.8)
    eventmachine (0.12.10)
    fssm (0.2.9)
    haml (3.1.6)
    hiredis (0.4.5)
    rack (1.4.1)
    redcarpet (2.1.1)
    redis (3.0.1)
    sass (3.1.20)
    thin (1.4.1)
      daemons (>= 1.0.9)
      eventmachine (>= 0.12.6)
      rack (>= 1.0.0)
    tilt (1.3.3)

PLATFORMS
  ruby

DEPENDENCIES
  compass (= 0.12.1)
  cuba
  haml
  hiredis
  redcarpet
  redis
  sass
  thin
  tilt
